GEM
  remote: https://rubygems.org/
  specs:
    addressable (2.8.4)
      public_suffix (>= 2.0.2, < 6.0)
    nokogiri (1.14.3-x86_64-darwin)
      racc (~> 1.4)
    public_suffix (5.0.1)
    racc (1.6.2)

PLATFORMS
  x86_64-darwin-20

DEPENDENCIES
  addressable (~> 2.8)
  nokogiri (~> 1.14)

BUNDLED WITH
   2.4.12
